GEM
  remote: https://rubygems.org/
  specs:
    coderay (1.1.3)
    hemi (0.0.3)
      pry (~> 0.12)
      ruby-sdl2 (= 0.3.5)
    method_source (1.0.0)
    pry (0.13.1)
      coderay (~> 1.1)
      method_source (~> 1.0)
    ruby-sdl2 (0.3.5)

PLATFORMS
  ruby

DEPENDENCIES
  hemi (~> 0.0)

RUBY VERSION
   ruby 2.6.6p146

BUNDLED WITH
   2.1.4
